PATH
  remote: .
  specs:
    vimdo (1.2.0.20130421112816)
      autocompletion (~> 0.0.3)
      thor (~> 0.18.0)
      vimrunner (>= 0.3.0)

GEM
  remote: https://rubygems.org/
  specs:
    autocompletion (0.0.3)
    awesome_print (1.1.0)
    hoe (3.5.2)
      rake (>= 0.8, < 11.0)
    hoe-gemspec (1.0.0)
      hoe (>= 2.2.0)
    hoe-git (1.5.0)
      hoe (>= 2.2.0)
    hoe-version (1.2.0)
    json (1.7.7)
    rake (10.0.4)
    rdoc (4.0.1)
      json (~> 1.4)
    thor (0.18.1)
    vimrunner (0.3.0)

PLATFORMS
  ruby

DEPENDENCIES
  awesome_print
  hoe
  hoe-gemspec
  hoe-git
  hoe-version
  rake (>= 10.0.0)
  rdoc (~> 4.0)
  vimdo!
