PATH
  remote: .
  specs:
    vimdo (1.0.2.20130407103207)
      thor (~> 0.18.0)
      vimrunner (~> 0.2.2)

GEM
  remote: https://rubygems.org/
  specs:
    hoe (3.5.2)
      rake (>= 0.8, < 11.0)
    json (1.7.7)
    rake (10.0.4)
    rdoc (3.12.2)
      json (~> 1.4)
    thor (0.18.1)
    vimrunner (0.2.2)

PLATFORMS
  ruby

DEPENDENCIES
  hoe (~> 3.5)
  rake (>= 10.0.0)
  rdoc (~> 3.10)
  vimdo!
